PATH
  remote: .
  specs:
    architects-toolkit (0.1.10)
      brief (>= 1.11.3)
      datapimp (~> 1.0, >= 1.0.21)

GEM
  remote: https://rubygems.org/
  specs:
    activesupport (4.2.1)
      i18n (~> 0.7)
      json (~> 1.7, >= 1.7.7)
      minitest (~> 5.1)
      thread_safe (~> 0.3, >= 0.3.4)
      tzinfo (~> 1.1)
    addressable (2.3.8)
    autoparse (0.3.3)
      addressable (>= 2.3.1)
      extlib (>= 0.9.15)
      multi_json (>= 1.0.0)
    axiom-types (0.1.1)
      descendants_tracker (~> 0.0.4)
      ice_nine (~> 0.11.0)
      thread_safe (~> 0.3, >= 0.3.1)
    axlsx (2.0.1)
      htmlentities (~> 4.3.1)
      nokogiri (>= 1.4.1)
      rubyzip (~> 1.0.0)
    brief (1.11.3)
      activesupport (~> 4.0)
      commander (~> 4.3)
      em-websocket (= 0.5.1)
      eventmachine (= 1.0.6)
      github-fs (~> 0)
      github-markdown (= 0.6.8)
      hashie (>= 3.0.4)
      hike (~> 2.1)
      inflecto (~> 0)
      nokogiri (= 1.6.5)
      thin (= 1.6.3)
      virtus (~> 1.0)
    builder (3.2.2)
    coderay (1.1.0)
    coercible (1.0.0)
      descendants_tracker (~> 0.0.1)
    colored (1.2)
    commander (4.3.4)
      highline (~> 1.7.2)
    daemons (1.2.2)
    datapimp (1.0.21)
      activesupport (~> 4.0)
      axlsx (~> 2.0)
      colored (> 0.0)
      commander (~> 4.3)
      dnsimple-ruby (~> 1.7)
      dropbox-api (>= 0.4.7)
      fog-aws (>= 0.1)
      github-fs (~> 0)
      google-api-client (>= 0.8)
      google_drive (~> 1.0)
      hashie (>= 3.0.4)
      launchy (~> 2.4)
      multi_json (~> 1.10)
      nokogiri (= 1.6.5)
      oauth (~> 0.4)
      octokit (~> 3.0)
      pry (~> 0.10)
      rack-contrib (~> 1.2)
      rack-proxy (~> 0.5)
      terminal-table
      unf (= 0.1.4)
      unf_ext (= 0.0.6)
      uri_template (~> 0.7)
    descendants_tracker (0.0.4)
      thread_safe (~> 0.3, >= 0.3.1)
    dnsimple-ruby (1.7.1)
      httparty (~> 0.12)
    dropbox-api (0.4.7)
      hashie (~> 3.4.0)
      multi_json (~> 1.10)
      oauth (~> 0.4.7)
    em-websocket (0.5.1)
      eventmachine (>= 0.12.9)
      http_parser.rb (~> 0.6.0)
    equalizer (0.0.11)
    eventmachine (1.0.6)
    excon (0.45.3)
    extlib (0.9.16)
    faraday (0.9.1)
      multipart-post (>= 1.2, < 3)
    fog-aws (0.4.0)
      fog-core (~> 1.27)
      fog-json (~> 1.0)
      fog-xml (~> 0.1)
      ipaddress (~> 0.8)
    fog-core (1.30.0)
      builder
      excon (~> 0.45)
      formatador (~> 0.2)
      mime-types
      net-scp (~> 1.1)
      net-ssh (>= 2.1.3)
    fog-json (1.0.1)
      fog-core (~> 1.0)
      multi_json (~> 1.0)
    fog-xml (0.1.2)
      fog-core
      nokogiri (~> 1.5, >= 1.5.11)
    formatador (0.2.5)
    github-fs (0.0.1)
      activesupport (> 3.2.0)
      octokit
      rack
    github-markdown (0.6.8)
    google-api-client (0.8.6)
      activesupport (>= 3.2)
      addressable (~> 2.3)
      autoparse (~> 0.3)
      extlib (~> 0.9)
      faraday (~> 0.9)
      googleauth (~> 0.3)
      launchy (~> 2.4)
      multi_json (~> 1.10)
      retriable (~> 1.4)
      signet (~> 0.6)
    google_drive (1.0.1)
      google-api-client (>= 0.7.0)
      nokogiri (>= 1.4.4, != 1.5.2, != 1.5.1)
      oauth (>= 0.3.6)
      oauth2 (>= 0.5.0)
    googleauth (0.4.1)
      faraday (~> 0.9)
      jwt (~> 1.4)
      logging (~> 2.0)
      memoist (~> 0.12)
      multi_json (= 1.11)
      signet (~> 0.6)
    hashie (3.4.1)
    highline (1.7.2)
    hike (2.1.3)
    htmlentities (4.3.3)
    http_parser.rb (0.6.0)
    httparty (0.13.5)
      json (~> 1.8)
      multi_xml (>= 0.5.2)
    i18n (0.7.0)
    ice_nine (0.11.1)
    inflecto (0.0.2)
    ipaddress (0.8.0)
    json (1.8.2)
    jwt (1.5.0)
    launchy (2.4.3)
      addressable (~> 2.3)
    little-plugger (1.1.3)
    logging (2.0.0)
      little-plugger (~> 1.1)
      multi_json (~> 1.10)
    memoist (0.12.0)
    method_source (0.8.2)
    mime-types (2.6.1)
    mini_portile (0.6.2)
    minitest (5.7.0)
    multi_json (1.11.0)
    multi_xml (0.5.5)
    multipart-post (2.0.0)
    net-scp (1.2.1)
      net-ssh (>= 2.6.5)
    net-ssh (2.9.2)
    nokogiri (1.6.5)
      mini_portile (~> 0.6.0)
    oauth (0.4.7)
    oauth2 (1.0.0)
      faraday (>= 0.8, < 0.10)
      jwt (~> 1.0)
      multi_json (~> 1.3)
      multi_xml (~> 0.5)
      rack (~> 1.2)
    octokit (3.8.0)
      sawyer (~> 0.6.0, >= 0.5.3)
    pry (0.10.1)
      coderay (~> 1.1.0)
      method_source (~> 0.8.1)
      slop (~> 3.4)
    rack (1.6.1)
    rack-contrib (1.2.0)
      rack (>= 0.9.1)
    rack-proxy (0.5.17)
      rack
    rake (10.4.2)
    retriable (1.4.1)
    rubyzip (1.0.0)
    sawyer (0.6.0)
      addressable (~> 2.3.5)
      faraday (~> 0.8, < 0.10)
    signet (0.6.0)
      addressable (~> 2.3)
      extlib (~> 0.9)
      faraday (~> 0.9)
      jwt (~> 1.0)
      multi_json (~> 1.10)
    slop (3.6.0)
    terminal-table (1.4.5)
    thin (1.6.3)
      daemons (~> 1.0, >= 1.0.9)
      eventmachine (~> 1.0)
      rack (~> 1.0)
    thread_safe (0.3.5)
    tzinfo (1.2.2)
      thread_safe (~> 0.1)
    unf (0.1.4)
      unf_ext
    unf_ext (0.0.6)
    uri_template (0.7.0)
    virtus (1.0.5)
      axiom-types (~> 0.1)
      coercible (~> 1.0)
      descendants_tracker (~> 0.0, >= 0.0.3)
      equalizer (~> 0.0, >= 0.0.9)

PLATFORMS
  ruby

DEPENDENCIES
  architects-toolkit!
  bundler (~> 1.9)
  rake (~> 10.0)
